GEM
  remote: https://rubygems.org/
  specs:
    faraday (0.9.2)
      multipart-post (>= 1.2, < 3)
    multipart-post (2.0.0)
    yo4r (0.1.0)
      faraday (~> 0.9.0)

PLATFORMS
  ruby

DEPENDENCIES
  yo4r

BUNDLED WITH
   1.11.2
